PATH
  remote: ../bloc_works
  specs:
    bloc_works (0.1.0)
      erubis (~> 2.7)

GEM
  remote: https://rubygems.org/
  specs:
    erubis (2.7.0)
    rack (1.6.5)
    rack-test (0.6.3)
      rack (>= 1.0)

PLATFORMS
  ruby

DEPENDENCIES
  bloc_works!
  rack (~> 1.6)
  rack-test

BUNDLED WITH
   1.13.6
