PATH
  remote: ../bloc_works
  specs:
    bloc_works (0.1.0)
      bloc_record
      erubis (~> 2.7)
      pry

GEM
  remote: https://rubygems.org/
  specs:
    bloc_record (0.0.1)
      sqlite3 (~> 1.3)
    coderay (1.1.1)
    erubis (2.7.0)
    method_source (0.8.2)
    pry (0.10.4)
      coderay (~> 1.1.0)
      method_source (~> 0.8.1)
      slop (~> 3.4)
    rack (1.6.5)
    rack-test (0.6.3)
      rack (>= 1.0)
    rake (12.0.0)
    slop (3.6.0)
    sqlite3 (1.3.13)

PLATFORMS
  ruby

DEPENDENCIES
  bloc_record
  bloc_works!
  pry
  rack (~> 1.6)
  rack-test
  rake (~> 12.0)
  sqlite3

BUNDLED WITH
   1.13.6
